GEM
  remote: https://rubygems.org/
  specs:
    ast (2.4.0)
    awesome_print (1.8.0)
    aws-eventstream (1.0.1)
    aws-partitions (1.107.0)
    aws-sdk-core (3.36.0)
      aws-eventstream (~> 1.0)
      aws-partitions (~> 1.0)
      aws-sigv4 (~> 1.0)
      jmespath (~> 1.0)
    aws-sdk-kms (1.11.0)
      aws-sdk-core (~> 3, >= 3.26.0)
      aws-sigv4 (~> 1.0)
    aws-sdk-s3 (1.23.1)
      aws-sdk-core (~> 3, >= 3.26.0)
      aws-sdk-kms (~> 1)
      aws-sigv4 (~> 1.0)
    aws-sigv4 (1.0.3)
    azure-core (0.1.14)
      faraday (~> 0.9)
      faraday_middleware (~> 0.10)
      nokogiri (~> 1.6)
    azure-storage-blob (1.0.1)
      azure-core (~> 0.1.13)
      azure-storage-common (~> 1.0)
      nokogiri (~> 1.6, >= 1.6.8)
    azure-storage-common (1.0.1)
      azure-core (~> 0.1.13)
      nokogiri (~> 1.6, >= 1.6.8)
    childprocess (0.9.0)
      ffi (~> 1.0, >= 1.0.11)
    codeclimate-test-reporter (1.0.9)
      simplecov (<= 0.13)
    diff-lcs (1.3)
    docile (1.1.5)
    faraday (0.15.3)
      multipart-post (>= 1.2, < 3)
    faraday_middleware (0.12.2)
      faraday (>= 0.7.4, < 1.0)
    ffi (1.9.25)
    iniparse (1.4.4)
    jaro_winkler (1.5.1)
    jmespath (1.4.0)
    json (2.1.0)
    mini_portile2 (2.3.0)
    multipart-post (2.0.0)
    nokogiri (1.8.5)
      mini_portile2 (~> 2.3.0)
    overcommit (0.46.0)
      childprocess (~> 0.6, >= 0.6.3)
      iniparse (~> 1.4)
    parallel (1.12.1)
    parser (2.5.1.2)
      ast (~> 2.4.0)
    powerpack (0.1.2)
    rainbow (3.0.0)
    rake (12.3.1)
    rspec (3.8.0)
      rspec-core (~> 3.8.0)
      rspec-expectations (~> 3.8.0)
      rspec-mocks (~> 3.8.0)
    rspec-core (3.8.0)
      rspec-support (~> 3.8.0)
    rspec-expectations (3.8.1)
      diff-lcs (>= 1.2.0, < 2.0)
      rspec-support (~> 3.8.0)
    rspec-mocks (3.8.0)
      diff-lcs (>= 1.2.0, < 2.0)
      rspec-support (~> 3.8.0)
    rspec-support (3.8.0)
    rubocop (0.60.0)
      jaro_winkler (~> 1.5.1)
      parallel (~> 1.10)
      parser (>= 2.5, != 2.5.1.1)
      powerpack (~> 0.1)
      rainbow (>= 2.2.2, < 4.0)
      ruby-progressbar (~> 1.7)
      unicode-display_width (~> 1.4.0)
    ruby-progressbar (1.10.0)
    simplecov (0.13.0)
      docile (~> 1.1.0)
      json (>= 1.8, < 3)
      simplecov-html (~> 0.10.0)
    simplecov-html (0.10.2)
    unicode-display_width (1.4.0)

PLATFORMS
  ruby

DEPENDENCIES
  awesome_print
  aws-sdk-s3 (~> 1.23.1)
  azure-storage-blob
  codeclimate-test-reporter
  overcommit
  rake
  rspec
  rubocop (~> 0.60.0)

RUBY VERSION
   ruby 2.5.1p57

BUNDLED WITH
   1.16.6
